GEM
  remote: https://rubygems.org/
  specs:
    actioncable (5.1.4)
      actionpack (= 5.1.4)
      nio4r (~> 2.0)
      websocket-driver (~> 0.6.1)
    actionmailer (5.1.4)
      actionpack (= 5.1.4)
      actionview (= 5.1.4)
      activejob (= 5.1.4)
      mail (~> 2.5, >= 2.5.4)
      rails-dom-testing (~> 2.0)
    actionpack (5.1.4)
      actionview (= 5.1.4)
      activesupport (= 5.1.4)
      rack (~> 2.0)
      rack-test (>= 0.6.3)
      rails-dom-testing (~> 2.0)
      rails-html-sanitizer (~> 1.0, >= 1.0.2)
    actionview (5.1.4)
      activesupport (= 5.1.4)
      builder (~> 3.1)
      erubi (~> 1.4)
      rails-dom-testing (~> 2.0)
      rails-html-sanitizer (~> 1.0, >= 1.0.3)
    active_link_to (1.0.5)
      actionpack
      addressable
    activejob (5.1.4)
      activesupport (= 5.1.4)
      globalid (>= 0.3.6)
    activemodel (5.1.4)
      activesupport (= 5.1.4)
    activerecord (5.1.4)
      activemodel (= 5.1.4)
      activesupport (= 5.1.4)
      arel (~> 8.0)
    activesupport (5.1.4)
      concurrent-ruby (~> 1.0, >= 1.0.2)
      i18n (~> 0.7)
      minitest (~> 5.1)
      tzinfo (~> 1.1)
    acts_as_list (0.9.9)
      activerecord (>= 3.0)
    addressable (2.5.2)
      public_suffix (>= 2.0.2, < 4.0)
    akami (1.3.1)
      gyoku (>= 0.4.0)
      nokogiri
    arel (8.0.0)
    awesome_print (1.8.0)
    aws-sdk (2.10.66)
      aws-sdk-resources (= 2.10.66)
    aws-sdk-core (2.10.66)
      aws-sigv4 (~> 1.0)
      jmespath (~> 1.0)
    aws-sdk-resources (2.10.66)
      aws-sdk-core (= 2.10.66)
    aws-sigv4 (1.0.2)
    bcrypt (3.1.11)
    bindex (0.5.0)
    builder (3.2.3)
    byebug (9.1.0)
    capybara (2.13.0)
      addressable
      mime-types (>= 1.16)
      nokogiri (>= 1.3.3)
      rack (>= 1.0.0)
      rack-test (>= 0.5.4)
      xpath (~> 2.0)
    capybara-webkit (1.14.0)
      capybara (>= 2.3.0, < 2.14.0)
      json
    chartkick (2.2.4)
    climate_control (0.2.0)
    cocaine (0.5.8)
      climate_control (>= 0.0.3, < 1.0)
    coffee-rails (4.2.2)
      coffee-script (>= 2.2.0)
      railties (>= 4.0.0)
    coffee-script (2.4.1)
      coffee-script-source
      execjs
    coffee-script-source (1.12.2)
    concurrent-ruby (1.0.5)
    crass (1.0.2)
    database_cleaner (1.6.1)
    devise (4.3.0)
      bcrypt (~> 3.0)
      orm_adapter (~> 0.1)
      railties (>= 4.1.0, < 5.2)
      responders
      warden (~> 1.2.3)
    diff-lcs (1.3)
    domain_name (0.5.20170404)
      unf (>= 0.0.5, < 1.0.0)
    email_spec (2.1.1)
      htmlentities (~> 4.3.3)
      launchy (~> 2.1)
      mail (~> 2.6)
    erubi (1.7.0)
    execjs (2.7.0)
    factory_girl (4.8.1)
      activesupport (>= 3.0.0)
    factory_girl_rails (4.8.0)
      factory_girl (~> 4.8.0)
      railties (>= 3.0.0)
    faraday (0.9.2)
      multipart-post (>= 1.2, < 3)
    ffi (1.9.18)
    figaro (1.1.1)
      thor (~> 0.14)
    flatpickr_rails (0.0.3)
      railties (>= 3.0)
    font-awesome-rails (4.7.0.2)
      railties (>= 3.2, < 5.2)
    globalid (0.4.0)
      activesupport (>= 4.2.0)
    groupdate (3.2.0)
      activesupport (>= 3)
    gyoku (1.3.1)
      builder (>= 2.1.2)
    htmlentities (4.3.4)
    http-cookie (1.0.3)
      domain_name (~> 0.5)
    httpi (2.4.2)
      rack
      socksify
    i18n (0.8.6)
    jbuilder (2.7.0)
      activesupport (>= 4.2.0)
      multi_json (>= 1.2)
    jmespath (1.3.1)
    jquery-rails (4.3.1)
      rails-dom-testing (>= 1, < 3)
      railties (>= 4.2.0)
      thor (>= 0.14, < 2.0)
    json (2.1.0)
    launchy (2.4.3)
      addressable (~> 2.3)
    listen (3.0.8)
      rb-fsevent (~> 0.9, >= 0.9.4)
      rb-inotify (~> 0.9, >= 0.9.7)
    loofah (2.1.1)
      crass (~> 1.0.2)
      nokogiri (>= 1.5.9)
    mail (2.6.6)
      mime-types (>= 1.16, < 4)
    mailgun-ruby (1.1.8)
      rest-client (~> 2.0)
    method_source (0.9.0)
    mime-types (3.1)
      mime-types-data (~> 3.2015)
    mime-types-data (3.2016.0521)
    mimemagic (0.3.2)
    mini_magick (4.8.0)
    mini_portile2 (2.3.0)
    minitest (5.10.3)
    mollie-api-ruby (2.2.1)
    monetize (1.7.0)
      money (~> 6.9)
    money (6.9.0)
      i18n (>= 0.6.4, < 0.9)
    money-rails (1.9.0)
      activesupport (>= 3.0)
      monetize (~> 1.7.0)
      money (~> 6.9.0)
      railties (>= 3.0)
    multi_json (1.12.2)
    multipart-post (2.0.0)
    netrc (0.11.0)
    nio4r (2.1.0)
    nokogiri (1.8.1)
      mini_portile2 (~> 2.3.0)
    nori (2.6.0)
    orm_adapter (0.5.0)
    paperclip (5.1.0)
      activemodel (>= 4.2.0)
      activesupport (>= 4.2.0)
      cocaine (~> 0.5.5)
      mime-types
      mimemagic (~> 0.3.0)
    pg (0.21.0)
    public_suffix (3.0.0)
    puma (3.10.0)
    pundit (1.1.0)
      activesupport (>= 3.0.0)
    pundit-matchers (1.3.1)
      pundit (~> 1.1, >= 1.1.0)
      rspec-rails (>= 3.0.0)
    rack (2.0.3)
    rack-test (0.7.0)
      rack (>= 1.0, < 3)
    rails (5.1.4)
      actioncable (= 5.1.4)
      actionmailer (= 5.1.4)
      actionpack (= 5.1.4)
      actionview (= 5.1.4)
      activejob (= 5.1.4)
      activemodel (= 5.1.4)
      activerecord (= 5.1.4)
      activesupport (= 5.1.4)
      bundler (>= 1.3.0)
      railties (= 5.1.4)
      sprockets-rails (>= 2.0.0)
    rails-dom-testing (2.0.3)
      activesupport (>= 4.2.0)
      nokogiri (>= 1.6)
    rails-html-sanitizer (1.0.3)
      loofah (~> 2.0)
    rails_12factor (0.0.3)
      rails_serve_static_assets
      rails_stdout_logging
    rails_real_favicon (0.0.7)
      json (>= 1.7, < 3)
      rails (>= 3.1)
      rest-client (~> 2.0)
      rubyzip (~> 1)
    rails_serve_static_assets (0.0.5)
    rails_stdout_logging (0.0.5)
    railties (5.1.4)
      actionpack (= 5.1.4)
      activesupport (= 5.1.4)
      method_source
      rake (>= 0.8.7)
      thor (>= 0.18.1, < 2.0)
    rake (12.1.0)
    rb-fsevent (0.10.2)
    rb-inotify (0.9.10)
      ffi (>= 0.5.0, < 2)
    redcarpet (3.4.0)
    responders (2.4.0)
      actionpack (>= 4.2.0, < 5.3)
      railties (>= 4.2.0, < 5.3)
    rest-client (2.0.2)
      http-cookie (>= 1.0.2, < 2.0)
      mime-types (>= 1.16, < 4.0)
      netrc (~> 0.8)
    rspec-core (3.7.0)
      rspec-support (~> 3.7.0)
    rspec-expectations (3.7.0)
      diff-lcs (>= 1.2.0, < 2.0)
      rspec-support (~> 3.7.0)
    rspec-mocks (3.7.0)
      diff-lcs (>= 1.2.0, < 2.0)
      rspec-support (~> 3.7.0)
    rspec-rails (3.7.0)
      actionpack (>= 3.0)
      activesupport (>= 3.0)
      railties (>= 3.0)
      rspec-core (~> 3.7.0)
      rspec-expectations (~> 3.7.0)
      rspec-mocks (~> 3.7.0)
      rspec-support (~> 3.7.0)
    rspec-support (3.7.0)
    rubyzip (1.2.1)
    sass (3.5.2)
      sass-listen (~> 4.0.0)
    sass-listen (4.0.0)
      rb-fsevent (~> 0.9, >= 0.9.4)
      rb-inotify (~> 0.9, >= 0.9.7)
    sass-rails (5.0.6)
      railties (>= 4.0.0, < 6)
      sass (~> 3.1)
      sprockets (>= 2.8, < 4.0)
      sprockets-rails (>= 2.0, < 4.0)
      tilt (>= 1.1, < 3)
    savon (2.11.2)
      akami (~> 1.2)
      builder (>= 2.1.2)
      gyoku (~> 1.2)
      httpi (~> 2.3)
      nokogiri (>= 1.4.0)
      nori (~> 2.4)
      wasabi (~> 3.4)
    shoulda-matchers (3.1.2)
      activesupport (>= 4.0.0)
    socksify (1.7.1)
    spring (2.0.2)
      activesupport (>= 4.2)
    spring-watcher-listen (2.0.1)
      listen (>= 2.7, < 4.0)
      spring (>= 1.2, < 3.0)
    sprockets (3.7.1)
      concurrent-ruby (~> 1.0)
      rack (> 1, < 3)
    sprockets-rails (3.2.1)
      actionpack (>= 4.0)
      activesupport (>= 4.0)
      sprockets (>= 3.0.0)
    thor (0.20.0)
    thread_safe (0.3.6)
    tilt (2.0.8)
    tzinfo (1.2.3)
      thread_safe (~> 0.1)
    uglifier (3.2.0)
      execjs (>= 0.3.0, < 3)
    unf (0.1.4)
      unf_ext
    unf_ext (0.0.7.4)
    warden (1.2.7)
      rack (>= 1.0)
    wasabi (3.5.0)
      httpi (~> 2.0)
      nokogiri (>= 1.4.2)
    web-console (3.5.1)
      actionview (>= 5.0)
      activemodel (>= 5.0)
      bindex (>= 0.4.0)
      railties (>= 5.0)
    websocket-driver (0.6.5)
      websocket-extensions (>= 0.1.0)
    websocket-extensions (0.1.2)
    wicked_pdf (1.1.0)
    wkhtmltopdf-binary (0.12.3.1)
    xpath (2.1.0)
      nokogiri (~> 1.3)

PLATFORMS
  ruby

DEPENDENCIES
  active_link_to
  acts_as_list
  awesome_print
  aws-sdk (~> 2.10, >= 2.10.61)
  byebug
  capybara (~> 2.10, >= 2.10.1)
  capybara-webkit
  chartkick (~> 2.1, >= 2.1.1)
  coffee-rails (~> 4.2)
  database_cleaner
  devise (~> 4.2)
  email_spec
  factory_girl_rails (~> 4.7)
  faraday (~> 0.9.2)
  figaro
  flatpickr_rails (~> 0.0.2)
  font-awesome-rails
  groupdate
  jbuilder (~> 2.5)
  jquery-rails
  listen (~> 3.0.5)
  mailgun-ruby (~> 1.1, >= 1.1.5)
  mini_magick
  mollie-api-ruby
  money-rails (~> 1.7)
  paperclip (~> 5.1)
  pg (~> 0.18)
  puma (~> 3.0)
  pundit (~> 1.1)
  pundit-matchers (~> 1.1)
  rails (~> 5.1, >= 5.1.4)
  rails_12factor
  rails_real_favicon
  redcarpet
  rspec-rails (~> 3.5, >= 3.5.2)
  sass-rails (~> 5.0)
  savon (~> 2.11, >= 2.11.1)
  shoulda-matchers
  spring
  spring-watcher-listen (~> 2.0.0)
  tzinfo-data
  uglifier (>= 1.3.0)
  web-console
  wicked_pdf
  wkhtmltopdf-binary

RUBY VERSION
   ruby 2.4.0p0

BUNDLED WITH
   1.14.4
